PATH
  remote: .
  specs:
    rubygsm (0.51)
      pdu_tools (>= 0.0.11)
      serialport (>= 1.1.0)

GEM
  remote: https://rubygems.org/
  specs:
    activesupport (5.1.4)
      concurrent-ruby (~> 1.0, >= 1.0.2)
      i18n (~> 0.7)
      minitest (~> 5.1)
      tzinfo (~> 1.1)
    concurrent-ruby (1.0.5)
    i18n (0.9.1)
      concurrent-ruby (~> 1.0)
    minitest (5.10.3)
    pdu_tools (0.0.12)
      activesupport (>= 3.2.0)
      phone (~> 1.2.3)
    phone (1.2.3)
    rake (12.0.0)
    serialport (1.3.1)
    thread_safe (0.3.6)
    tzinfo (1.2.4)
      thread_safe (~> 0.1)

PLATFORMS
  ruby

DEPENDENCIES
  bundler (~> 1.11)
  minitest (~> 5.10)
  rake (~> 12.0)
  rubygsm!

BUNDLED WITH
   1.16.0
