PATH
  remote: .
  specs:
    rubygsm (0.58)
      pdu_sms (>= 1.1.7)
      serialport (>= 1.1.0)

GEM
  remote: https://rubygems.org/
  specs:
    minitest (5.10.3)
    pdu_sms (1.1.7)
    rake (12.0.0)
    serialport (1.3.1)

PLATFORMS
  ruby

DEPENDENCIES
  bundler (~> 1.11)
  minitest (~> 5.10)
  rake (~> 12.0)
  rubygsm!

BUNDLED WITH
   1.16.0
