PATH
  remote: .
  specs:
    rubygsm (0.60)
      pdu_sms (>= 1.1.7)
      serialport (>= 1.1.0)

GEM
  remote: https://rubygems.org/
  specs:
    ast (2.4.0)
    minitest (5.10.3)
    parallel (1.12.1)
    parser (2.5.1.0)
      ast (~> 2.4.0)
    pdu_sms (1.1.7)
    powerpack (0.1.1)
    rainbow (3.0.0)
    rake (12.0.0)
    rubocop (0.55.0)
      parallel (~> 1.10)
      parser (>= 2.5)
      powerpack (~> 0.1)
      rainbow (>= 2.2.2, < 4.0)
      ruby-progressbar (~> 1.7)
      unicode-display_width (~> 1.0, >= 1.0.1)
    ruby-progressbar (1.9.0)
    serialport (1.3.1)
    unicode-display_width (1.3.0)

PLATFORMS
  ruby

DEPENDENCIES
  bundler (~> 1.11)
  minitest (~> 5.10)
  rake (~> 12.0)
  rubocop (~> 0.55.0)
  rubygsm!

BUNDLED WITH
   1.16.1
